PATH
  remote: .
  specs:
    lilipad (0.5.0)
      filewatcher (~> 2.1)

GEM
  remote: https://rubygems.org/
  specs:
    ast (2.4.2)
    filewatcher (2.1.0)
      module_methods (~> 0.1.0)
    json (2.7.1)
    language_server-protocol (3.17.0.3)
    module_methods (0.1.0)
    parallel (1.24.0)
    parser (3.3.0.3)
      ast (~> 2.4.1)
      racc
    racc (1.7.3)
    rainbow (3.1.1)
    regexp_parser (2.9.0)
    rexml (3.2.6)
    rubocop (1.59.0)
      json (~> 2.3)
      language_server-protocol (>= 3.17.0)
      parallel (~> 1.10)
      parser (>= 3.2.2.4)
      rainbow (>= 2.2.2, < 4.0)
      regexp_parser (>= 1.8, < 3.0)
      rexml (>= 3.2.5, < 4.0)
      rubocop-ast (>= 1.30.0, < 2.0)
      ruby-progressbar (~> 1.7)
      unicode-display_width (>= 2.4.0, < 3.0)
    rubocop-ast (1.30.0)
      parser (>= 3.2.1.0)
    ruby-progressbar (1.13.0)
    unicode-display_width (2.5.0)

PLATFORMS
  arm64-darwin-22

DEPENDENCIES
  filewatcher (~> 2.1)
  lilipad!
  rubocop

BUNDLED WITH
   2.4.19
